GIT
  remote: https://github.com/awestruct/awestruct.git
  revision: 9ca1db26ce7db8d1b0420024159266a1f7075b10
  specs:
    awestruct (0.4.6)
      RedCloth (~> 4.2.9)
      bootstrap-sass (~> 2.0.1)
      coffee-script (~> 2.2.0)
      compass (~> 0.12.1)
      compass-960-plugin (~> 0.10.4)
      eventmachine (~> 1.0.0.beta.4)
      git (~> 1.2.5)
      haml (~> 3.1.4)
      hpricot (~> 0.8.6)
      json (~> 1.6.6)
      listen (~> 0.4.2)
      nokogiri (~> 1.5.2)
      org-ruby (~> 0.5.3)
      rdiscount (~> 1.6.8)
      rest-client (~> 1.6.7)
      sass (~> 3.1.15)
      thin (~> 1.3.1)

GIT
  remote: https://github.com/bruno-c/Evax.git
  revision: 31211d7c2c66ad92c1119ceabb440857128a0c2e
  branch: uglify-options
  specs:
    evax (0.0.15)
      uglifier (= 1.2.3)
      watchr (= 0.7)

GEM
  remote: http://rubygems.org/
  specs:
    RedCloth (4.2.9)
    bootstrap-sass (2.0.4.0)
    chunky_png (1.2.6)
    coffee-script (2.2.0)
      coffee-script-source
      execjs
    coffee-script-source (1.3.3)
    compass (0.12.2)
      chunky_png (~> 1.2)
      fssm (>= 0.2.7)
      sass (~> 3.1)
    compass-960-plugin (0.10.4)
      compass (>= 0.10.0)
    daemons (1.1.8)
    eventmachine (1.0.0.rc.4)
    execjs (1.4.0)
      multi_json (~> 1.0)
    ffi (1.1.5)
    fssm (0.2.9)
    git (1.2.5)
    haml (3.1.6)
    hpricot (0.8.6)
    json (1.6.7)
    listen (0.4.7)
      rb-fchange (~> 0.0.5)
      rb-fsevent (~> 0.9.1)
      rb-inotify (~> 0.8.8)
    mime-types (1.19)
    multi_json (1.3.6)
    nokogiri (1.5.5)
    org-ruby (0.5.3)
      rubypants (>= 0.2.0)
    rack (1.4.1)
    rb-fchange (0.0.5)
      ffi
    rb-fsevent (0.9.1)
    rb-inotify (0.8.8)
      ffi (>= 0.5.0)
    rdiscount (1.6.8)
    rest-client (1.6.7)
      mime-types (>= 1.16)
    rubypants (0.2.0)
    sass (3.1.20)
    thin (1.3.1)
      daemons (>= 1.0.9)
      eventmachine (>= 0.12.6)
      rack (>= 1.0.0)
    uglifier (1.2.3)
      execjs (>= 0.3.0)
      multi_json (>= 1.0.2)
    watchr (0.7)

PLATFORMS
  ruby

DEPENDENCIES
  awestruct!
  bootstrap-sass
  evax!
